{
    "EchoTime": 0.08, 
    "RepetitionTime": 7, 
    "MagneticFieldStrength": 3, 
    "FlipAngle": 90, 
    "ParallelReductionFactorInPlane": 2, 
    "PartialFourier": "7/8", 
    "PhaseEncodingDirection": "j-", 
    "MultibandAccelerationFactor": 2, 
    "EffectiveEchoSpacing": 0.000390001, 
    "TotalReadoutTime": 0.04914, 
    "ManufacturersModelName": "Verio", 
    "ParallelAcquisitionTechnique": "GRAPPA", 
    "ImageType": [
        "ORIGINAL", 
        "PRIMARY", 
        "DIFFUSION", 
        "NON"
    ], 
    "Manufacturer": "Siemens"
}