{
    "EchoTime": 0.0394, 
    "RepetitionTime": 1.4, 
    "PartialFourier": "6/8", 
    "MagneticFieldStrength": 3, 
    "FlipAngle": 69, 
    "CogAtlasID": "http://www.cognitiveatlas.org/task/rest_eyes_open", 
    "SliceTiming": [
        0, 
        0.615, 
        1.23, 
        0.44, 
        1.055, 
        0.2625, 
        0.8775, 
        0.0875, 
        0.7025, 
        1.3175, 
        0.5275, 
        1.1425, 
        0.3525, 
        0.965, 
        0.175, 
        0.79, 
        0, 
        0.615, 
        1.23, 
        0.44, 
        1.055, 
        0.2625, 
        0.8775, 
        0.0875, 
        0.7025, 
        1.3175, 
        0.5275, 
        1.1425, 
        0.3525, 
        0.965, 
        0.175, 
        0.79, 
        0, 
        0.615, 
        1.23, 
        0.44, 
        1.055, 
        0.2625, 
        0.8775, 
        0.0875, 
        0.7025, 
        1.3175, 
        0.5275, 
        1.1425, 
        0.3525, 
        0.965, 
        0.175, 
        0.79, 
        0, 
        0.615, 
        1.23, 
        0.44, 
        1.055, 
        0.2625, 
        0.8775, 
        0.0875, 
        0.7025, 
        1.3175, 
        0.5275, 
        1.1425, 
        0.3525, 
        0.965, 
        0.175, 
        0.79
    ], 
    "PulseSequenceType": "Multiband gradient echo EPI", 
    "PhaseEncodingDirection": "j-", 
    "MultibandAccelerationFactor": 4, 
    "EffectiveEchoSpacing": 0.000669986, 
    "ManufacturersModelName": "Verio", 
    "ReceiveCoilName": "Siemens 32-channel phased-array", 
    "TaskName": "Rest", 
    "Instructions": "Eyes open", 
    "ImageType": [
        "ORIGINAL", 
        "PRIMARY", 
        "M", 
        "ND", 
        "MOSAIC"
    ], 
    "Manufacturer": "Siemens"
}