{
    "EchoTime": 0.052, 
    "RepetitionTime": 2.2, 
    "MagneticFieldStrength": 3, 
    "FlipAngle": 90, 
    "PhaseEncodingDirection": "j", 
    "EffectiveEchoSpacing": 0.000669986, 
    "TotalReadoutTime": 0.05896, 
    "ManufacturersModelName": "Verio", 
    "IntendedFor": [
        "ses-02/func/sub-010232_ses-02_task-rest_acq-AP_run-02_bold.nii.gz", 
        "ses-02/func/sub-010232_ses-02_task-rest_acq-PA_run-02_bold.nii.gz"
    ], 
    "ImageType": [
        "ORIGINAL", 
        "PRIMARY", 
        "M", 
        "MB", 
        "ND", 
        "MOSAI"
    ], 
    "Manufacturer": "Siemens"
}
