{
    "EchoTime": 0.08, 
    "RepetitionTime": 7, 
    "PartialFourier": "7/8", 
    "MagneticFieldStrength": 3, 
    "FlipAngle": 90, 
    "ParallelReductionFactorInPlane": 2, 
    "SliceTiming": [
        0, 
        0.615, 
        1.2275, 
        0.4375, 
        1.0525, 
        0.2625, 
        0.8775, 
        0.0875, 
        0.7025, 
        1.3175, 
        0.525, 
        1.14, 
        0.35, 
        0.965, 
        0.175, 
        0.79, 
        0, 
        0.615, 
        1.2275, 
        0.4375, 
        1.0525, 
        0.2625, 
        0.8775, 
        0.0875, 
        0.7025, 
        1.3175, 
        0.525, 
        1.14, 
        0.35, 
        0.965, 
        0.175, 
        0.79, 
        0, 
        0.615, 
        1.2275, 
        0.4375, 
        1.0525, 
        0.2625, 
        0.8775, 
        0.0875, 
        0.7025, 
        1.3175, 
        0.525, 
        1.14, 
        0.35, 
        0.965, 
        0.175, 
        0.79, 
        0, 
        0.615, 
        1.2275, 
        0.4375, 
        1.0525, 
        0.2625, 
        0.8775, 
        0.0875, 
        0.7025, 
        1.3175, 
        0.525, 
        1.14, 
        0.35, 
        0.965, 
        0.175, 
        0.79
    ], 
    "PhaseEncodingDirection": "j-", 
    "MultibandAccelerationFactor": 2, 
    "EffectiveEchoSpacing": 0.000390001, 
    "TotalReadoutTime": 0.04914, 
    "ManufacturersModelName": "Verio", 
    "ParallelAcquisitionTechnique": "GRAPPA", 
    "ImageType": [
        "ORIGINAL", 
        "PRIMARY", 
        "DIFFUSION", 
        "NON"
    ], 
    "Manufacturer": "Siemens"
}