{
    "EchoTime": 0.00292, 
    "RepetitionTime": 5, 
    "MagneticFieldStrength": 3, 
    "InversionTime": 2.5, 
    "FlipAngle": 5, 
    "ParallelReductionFactorInPlane": 3, 
    "SliceTiming": [
        0, 
        0.615, 
        1.23, 
        0.44, 
        1.055, 
        0.265, 
        0.88, 
        0.0875, 
        0.7025, 
        1.3175, 
        0.5275, 
        1.1425, 
        0.3525, 
        0.9675, 
        0.1775, 
        0.79, 
        0, 
        0.615, 
        1.23, 
        0.44, 
        1.055, 
        0.265, 
        0.88, 
        0.0875, 
        0.7025, 
        1.3175, 
        0.5275, 
        1.1425, 
        0.3525, 
        0.9675, 
        0.1775, 
        0.79, 
        0, 
        0.615, 
        1.23, 
        0.44, 
        1.055, 
        0.265, 
        0.88, 
        0.0875, 
        0.7025, 
        1.3175, 
        0.5275, 
        1.1425, 
        0.3525, 
        0.9675, 
        0.1775, 
        0.79, 
        0, 
        0.615, 
        1.23, 
        0.44, 
        1.055, 
        0.265, 
        0.88, 
        0.0875, 
        0.7025, 
        1.3175, 
        0.5275, 
        1.1425, 
        0.3525, 
        0.9675, 
        0.1775, 
        0.79
    ], 
    "PulseSequenceType": "MP2RAGE", 
    "PhaseEncodingDirection": "i-", 
    "ImageType": [
        "ORIGINAL", 
        "PRIMARY", 
        "M", 
        "ND", 
        "NORM"
    ], 
    "ManufacturersModelName": "Verio", 
    "ParallelAcquisitionTechnique": "GRAPPA", 
    "NumberShots": 14080, 
    "HardcopyDeviceSoftwareVersion": "Syngo MR B17", 
    "Manufacturer": "Siemens"
}